GEM
  remote: https://rubygems.org/
  specs:
    actionmailer (4.2.10)
      actionpack (= 4.2.10)
      actionview (= 4.2.10)
      activejob (= 4.2.10)
      mail (~> 2.5, >= 2.5.4)
      rails-dom-testing (~> 1.0, >= 1.0.5)
    actionpack (4.2.10)
      actionview (= 4.2.10)
      activesupport (= 4.2.10)
      rack (~> 1.6)
      rack-test (~> 0.6.2)
      rails-dom-testing (~> 1.0, >= 1.0.5)
      rails-html-sanitizer (~> 1.0, >= 1.0.2)
    actionview (4.2.10)
      activesupport (= 4.2.10)
      builder (~> 3.1)
      erubis (~> 2.7.0)
      rails-dom-testing (~> 1.0, >= 1.0.5)
      rails-html-sanitizer (~> 1.0, >= 1.0.3)
    activejob (4.2.10)
      activesupport (= 4.2.10)
      globalid (>= 0.3.0)
    activemodel (4.2.10)
      activesupport (= 4.2.10)
      builder (~> 3.1)
    activerecord (4.2.10)
      activemodel (= 4.2.10)
      activesupport (= 4.2.10)
      arel (~> 6.0)
    activeresource (4.0.0)
      activemodel (~> 4.0)
      activesupport (~> 4.0)
      rails-observers (~> 0.1.1)
    activesupport (4.2.10)
      i18n (~> 0.7)
      minitest (~> 5.1)
      thread_safe (~> 0.3, >= 0.3.4)
      tzinfo (~> 1.1)
    addressable (2.4.0)
    airbrake (5.4.1)
      airbrake-ruby (~> 1.4)
    airbrake-ruby (1.4.3)
    archive-zip (0.7.0)
      io-like (~> 0.3.0)
    arel (6.0.4)
    awesome_print (1.7.0)
    axiom-types (0.1.1)
      descendants_tracker (~> 0.0.4)
      ice_nine (~> 0.11.0)
      thread_safe (~> 0.3, >= 0.3.1)
    bcrypt (3.1.11)
    better_errors (2.1.1)
      coderay (>= 1.0.0)
      erubis (>= 2.6.6)
      rack (>= 0.9.0)
    binding_of_caller (0.7.2)
      debug_inspector (>= 0.0.1)
    brakeman (3.3.2)
    bson (4.3.0)
    builder (3.2.3)
    bundler-audit (0.5.0)
      bundler (~> 1.2)
      thor (~> 0.18)
    byebug (9.0.5)
    callsite (0.0.11)
    cancan (1.6.10)
    capybara (2.1.0)
      mime-types (>= 1.16)
      nokogiri (>= 1.3.3)
      rack (>= 1.0.0)
      rack-test (>= 0.5.4)
      xpath (~> 2.0)
    capybara-email (2.2.0)
      capybara (~> 2.1.0)
      mail
    childprocess (0.5.9)
      ffi (~> 1.0, >= 1.0.11)
    chromedriver-helper (0.0.9)
      archive-zip (~> 0.7.0)
      nokogiri (~> 1.6)
    ci_reporter (1.9.3)
      builder (>= 2.1.2)
    cliver (0.3.2)
    coderay (1.1.1)
    coercible (1.0.0)
      descendants_tracker (~> 0.0.1)
    coffee-rails (4.0.1)
      coffee-script (>= 2.2.0)
      railties (>= 4.0.0, < 5.0)
    coffee-script (2.4.1)
      coffee-script-source
      execjs
    coffee-script-source (1.10.0)
    countries (1.2.5)
      currencies (~> 0.4.2)
      i18n_data (~> 0.7.0)
    crack (0.4.3)
      safe_yaml (~> 1.0.0)
    crass (1.0.4)
    cucumber (2.4.0)
      builder (>= 2.1.2)
      cucumber-core (~> 1.5.0)
      cucumber-wire (~> 0.0.1)
      diff-lcs (>= 1.1.3)
      gherkin (~> 4.0)
      multi_json (>= 1.7.5, < 2.0)
      multi_test (>= 0.1.2)
    cucumber-core (1.5.0)
      gherkin (~> 4.0)
    cucumber-rails (1.4.3)
      capybara (>= 1.1.2, < 3)
      cucumber (>= 1.3.8, < 3)
      mime-types (>= 1.16, < 4)
      nokogiri (~> 1.5)
      railties (>= 3, < 5)
    cucumber-wire (0.0.1)
    currencies (0.4.2)
    daemons (1.2.3)
    database_cleaner (1.7.0)
    debug_inspector (0.0.2)
    descendants_tracker (0.0.4)
      thread_safe (~> 0.3, >= 0.3.1)
    devise (3.4.1)
      bcrypt (~> 3.0)
      orm_adapter (~> 0.1)
      railties (>= 3.2.6, < 5)
      responders
      thread_safe (~> 0.1)
      warden (~> 1.2.3)
    diff-lcs (1.2.5)
    docile (1.1.5)
    dotenv (2.1.1)
    dotenv-rails (2.1.1)
      dotenv (= 2.1.1)
      railties (>= 4.0, < 5.1)
    elasticsearch (1.0.18)
      elasticsearch-api (= 1.0.18)
      elasticsearch-transport (= 1.0.18)
    elasticsearch-api (1.0.18)
      multi_json
    elasticsearch-model (0.1.9)
      activesupport (> 3)
      elasticsearch (> 0.4)
      hashie
    elasticsearch-persistence (0.1.9)
      activemodel (> 3)
      activesupport (> 3)
      elasticsearch (> 0.4)
      elasticsearch-model (>= 0.1)
      hashie
      virtus
    elasticsearch-transport (1.0.18)
      faraday
      multi_json
    equalizer (0.0.11)
    erubis (2.7.0)
    eventmachine (1.2.0.1)
    execjs (2.7.0)
    factory_girl (4.4.0)
      activesupport (>= 3.0.0)
    factory_girl_rails (4.4.1)
      factory_girl (~> 4.4.0)
      railties (>= 3.0.0)
    faker (1.6.3)
      i18n (~> 0.5)
    faraday (0.9.2)
      multipart-post (>= 1.2, < 3)
    ffi (1.9.10)
    gherkin (4.0.0)
    git-version-bump (0.15.1)
    globalid (0.4.1)
      activesupport (>= 4.2.0)
    govuk_frontend_toolkit (2.0.1)
      rails (>= 3.1.0)
      sass (>= 3.2.0)
    govuk_template (0.10.1)
      rails (>= 3.1)
    hashdiff (0.3.0)
    hashie (3.4.4)
    hike (1.2.3)
    hiredis (0.6.1)
    i18n (0.7.0)
    i18n_data (0.7.0)
    ice_nine (0.11.2)
    indefinite_article (0.2.4)
      activesupport
    io-like (0.3.0)
    jquery-rails (4.1.1)
      rails-dom-testing (>= 1, < 3)
      railties (>= 4.2.0)
      thor (>= 0.14, < 2.0)
    json (1.8.6)
    launchy (2.4.3)
      addressable (~> 2.3)
    loofah (2.2.2)
      crass (~> 1.0.2)
      nokogiri (>= 1.5.9)
    mail (2.7.0)
      mini_mime (>= 0.1.1)
    meta_request (0.4.0)
      callsite (~> 0.0, >= 0.0.11)
      rack-contrib (~> 1.1)
      railties (>= 3.0.0, < 5.1.0)
    mime-types (1.25.1)
    mini_mime (1.0.0)
    mini_portile (0.6.0)
    minitest (5.11.3)
    monetize (1.4.0)
      money (~> 6.7)
    money (6.7.1)
      i18n (>= 0.6.4, <= 0.7.0)
      sixarm_ruby_unaccent (>= 1.1.1, < 2)
    money-rails (1.6.2)
      activesupport (>= 3.0)
      monetize (~> 1.4.0)
      money (~> 6.7)
      railties (>= 3.0)
    mongo (2.5.1)
      bson (>= 4.3.0, < 5.0.0)
    mongoid (5.2.1)
      activemodel (~> 4.0)
      mongo (>= 2.4.1, < 3.0.0)
      origin (~> 2.3)
      tzinfo (>= 0.3.37)
    multi_json (1.13.1)
    multi_test (0.1.2)
    multipart-post (2.0.0)
    nido (1.0.0)
    nokogiri (1.6.2.1)
      mini_portile (= 0.6.0)
    ohm (3.0.3)
      nido
      redic (~> 1.5.0)
      stal
    origin (2.3.1)
    orm_adapter (0.5.0)
    poltergeist (1.6.0)
      capybara (~> 2.1)
      cliver (~> 0.3.1)
      multi_json (~> 1.0)
      websocket-driver (>= 0.2.0)
    quiet_assets (1.1.0)
      railties (>= 3.1, < 5.0)
    rack (1.6.10)
    rack-accept (0.4.5)
      rack (>= 0.4)
    rack-contrib (1.4.0)
      git-version-bump (~> 0.15)
      rack (~> 1.4)
    rack-test (0.6.3)
      rack (>= 1.0)
    rails (4.2.10)
      actionmailer (= 4.2.10)
      actionpack (= 4.2.10)
      actionview (= 4.2.10)
      activejob (= 4.2.10)
      activemodel (= 4.2.10)
      activerecord (= 4.2.10)
      activesupport (= 4.2.10)
      bundler (>= 1.3.0, < 2.0)
      railties (= 4.2.10)
      sprockets-rails
    rails-deprecated_sanitizer (1.0.3)
      activesupport (>= 4.2.0.alpha)
    rails-dom-testing (1.0.9)
      activesupport (>= 4.2.0, < 5.0)
      nokogiri (~> 1.6)
      rails-deprecated_sanitizer (>= 1.0.1)
    rails-html-sanitizer (1.0.4)
      loofah (~> 2.2, >= 2.2.2)
    rails-observers (0.1.2)
      activemodel (~> 4.0)
    railties (4.2.10)
      actionpack (= 4.2.10)
      activesupport (= 4.2.10)
      rake (>= 0.8.7)
      thor (>= 0.18.1, < 2.0)
    rake (12.3.1)
    redic (1.5.0)
      hiredis
    responders (2.2.0)
      railties (>= 4.2.0, < 5.1)
    rest-client (1.6.9)
      mime-types (~> 1.16)
    rolify (3.4.1)
    rspec-collection_matchers (1.1.2)
      rspec-expectations (>= 2.99.0.beta1)
    rspec-core (2.99.2)
    rspec-expectations (2.99.2)
      diff-lcs (>= 1.1.3, < 2.0)
    rspec-mocks (2.99.4)
    rspec-rails (2.99.0)
      actionpack (>= 3.0)
      activemodel (>= 3.0)
      activesupport (>= 3.0)
      railties (>= 3.0)
      rspec-collection_matchers
      rspec-core (~> 2.99.0)
      rspec-expectations (~> 2.99.0)
      rspec-mocks (~> 2.99.0)
    ruby-progressbar (1.8.1)
    rubyzip (1.2.0)
    safe_yaml (1.0.4)
    sass (3.2.19)
    sass-rails (4.0.5)
      railties (>= 4.0.0, < 5.0)
      sass (~> 3.2.2)
      sprockets (~> 2.8, < 3.0)
      sprockets-rails (~> 2.0)
    selenium-webdriver (2.44.0)
      childprocess (~> 0.5)
      multi_json (~> 1.0)
      rubyzip (~> 1.0)
      websocket (~> 1.0)
    shoulda-matchers (2.8.0)
      activesupport (>= 3.0.0)
    simplecov (0.11.2)
      docile (~> 1.1.0)
      json (~> 1.8)
      simplecov-html (~> 0.10.0)
    simplecov-html (0.10.0)
    simplecov-json (0.2)
      json
      simplecov
    simplecov-rcov (0.2.3)
      simplecov (>= 0.4.1)
    sixarm_ruby_unaccent (1.1.1)
    sprockets (2.12.4)
      hike (~> 1.2)
      multi_json (~> 1.0)
      rack (~> 1.0)
      tilt (~> 1.1, != 1.3.0)
    sprockets-rails (2.3.3)
      actionpack (>= 3.0)
      activesupport (>= 3.0)
      sprockets (>= 2.8, < 4.0)
    stal (0.3.0)
      redic (~> 1.5)
    thin (1.7.0)
      daemons (~> 1.0, >= 1.0.9)
      eventmachine (~> 1.0, >= 1.0.4)
      rack (>= 1, < 3)
    thor (0.20.0)
    thread_safe (0.3.6)
    tilt (1.4.1)
    timecop (0.7.4)
    turnout (2.1.0)
      rack (~> 1.3)
      rack-accept (~> 0.4)
    tzinfo (1.2.5)
      thread_safe (~> 0.1)
    uglifier (3.0.0)
      execjs (>= 0.3.0, < 3)
    vcr (3.0.3)
    virtus (1.0.5)
      axiom-types (~> 0.1)
      coercible (~> 1.0)
      descendants_tracker (~> 0.0, >= 0.0.3)
      equalizer (~> 0.0, >= 0.0.9)
    warden (1.2.6)
      rack (>= 1.0)
    webmock (2.1.0)
      addressable (>= 2.3.6)
      crack (>= 0.3.2)
      hashdiff
    websocket (1.2.3)
    websocket-driver (0.6.4)
      websocket-extensions (>= 0.1.0)
    websocket-extensions (0.1.2)
    wicked_pdf (1.0.6)
    xpath (2.0.0)
      nokogiri (~> 1.3)

PLATFORMS
  ruby

DEPENDENCIES
  activeresource (~> 4.0.0)
  airbrake (~> 5.3)
  awesome_print
  better_errors
  binding_of_caller
  brakeman
  bundler-audit
  byebug
  cancan (~> 1.6.10)
  capybara (~> 2.1.0)
  capybara-email (~> 2.2.0)
  chromedriver-helper (~> 0.0.8)
  ci_reporter (~> 1.9.0)
  coffee-rails (~> 4.0.0)
  countries
  cucumber-rails (~> 1.4.0)
  database_cleaner (~> 1.7.0)
  devise (~> 3.4.1)
  dotenv-rails
  elasticsearch-persistence (~> 0.1.6)
  factory_girl_rails (~> 4.4.1)
  faker
  govuk_frontend_toolkit (~> 2.0.1)
  govuk_template (~> 0.10.0)
  indefinite_article (~> 0.2.0)
  jquery-rails
  json (>= 1.8.0)
  launchy (~> 2.4.2)
  meta_request
  monetize
  money-rails
  mongoid (~> 5.2)
  nokogiri (~> 1.6.2.1)
  ohm (~> 3.0.0)
  poltergeist (~> 1.6.0)
  quiet_assets
  rails (= 4.2.10)
  rest-client (~> 1.6.7)
  rolify (~> 3.4.0)
  rspec-rails (~> 2.14)
  ruby-progressbar (>= 1.7.1)
  sass-rails (~> 4.0.3)
  selenium-webdriver (~> 2.44.0)
  shoulda-matchers (~> 2.8.0)
  simplecov
  simplecov-json
  simplecov-rcov
  thin
  timecop (~> 0.7.1)
  turnout (~> 2.1.0)
  uglifier (>= 1.3.0)
  vcr
  webmock
  wicked_pdf

RUBY VERSION
   ruby 2.4.2p198

BUNDLED WITH
   1.16.1
